PATH
  remote: .
  specs:
    fast_browser (0.1.1)
      ffi (~> 1.9.10)

GEM
  remote: https://rubygems.org/
  specs:
    coderay (1.1.0)
    diff-lcs (1.2.5)
    ffi (1.9.10)
    get_process_mem (0.2.0)
    method_source (0.8.2)
    pry (0.10.3)
      coderay (~> 1.1.0)
      method_source (~> 0.8.1)
      slop (~> 3.4)
    rake (10.4.2)
    rspec (3.4.0)
      rspec-core (~> 3.4.0)
      rspec-expectations (~> 3.4.0)
      rspec-mocks (~> 3.4.0)
    rspec-core (3.4.1)
      rspec-support (~> 3.4.0)
    rspec-expectations (3.4.0)
      diff-lcs (>= 1.2.0, < 2.0)
      rspec-support (~> 3.4.0)
    rspec-mocks (3.4.1)
      diff-lcs (>= 1.2.0, < 2.0)
      rspec-support (~> 3.4.0)
    rspec-support (3.4.1)
    slop (3.6.0)

PLATFORMS
  ruby

DEPENDENCIES
  bundler (~> 1.10)
  fast_browser!
  get_process_mem (~> 0.2.0)
  pry (~> 0.10.3)
  rake (~> 10.4.2)
  rspec (~> 3.4.0)

BUNDLED WITH
   1.11.2
